PATH
  remote: .
  specs:
    mywebix (0.0)
      awesome_print
      haml
      optimist
      sinatra

GEM
  remote: https://rubygems.org/
  specs:
    awesome_print (1.8.0)
    haml (5.1.1)
      temple (>= 0.8.0)
      tilt
    mustermann (1.0.3)
    optimist (3.0.0)
    rack (2.2.3)
    rack-protection (2.0.5)
      rack
    rake (10.5.0)
    sinatra (2.0.5)
      mustermann (~> 1.0)
      rack (~> 2.0)
      rack-protection (= 2.0.5)
      tilt (~> 2.0)
    temple (0.8.1)
    tilt (2.0.9)

PLATFORMS
  ruby

DEPENDENCIES
  bundler (~> 2.0)
  mywebix!
  rake (~> 10.0)

BUNDLED WITH
   2.0.2
